GEM
  remote: https://rubygems.org/
  specs:
    foreman (0.81.0)
      thor (~> 0.19.1)
    puma (3.4.0)
    rack (1.6.4)
    rack-protection (1.5.3)
      rack
    rake (10.4.2)
    sinatra (1.4.7)
      rack (~> 1.5)
      rack-protection (~> 1.4)
      tilt (>= 1.3, < 3)
    thor (0.19.1)
    tilt (2.0.4)

PLATFORMS
  ruby

DEPENDENCIES
  foreman
  puma
  rake
  sinatra

RUBY VERSION
   ruby 2.2.4p230

BUNDLED WITH
   1.12.3
